PATH
  remote: .
  specs:
    feature_flagging (0.0.1)
      launchdarkly-server-sdk (= 5.7.2)

GEM
  remote: https://rubygems.org/
  specs:
    concurrent-ruby (1.1.6)
    diff-lcs (1.3)
    ffi (1.12.2)
    hitimes (1.3.1)
    http_tools (0.4.5)
    json (2.3.0)
    launchdarkly-server-sdk (5.7.2)
      concurrent-ruby (~> 1.0)
      json (>= 1.8, < 3)
      ld-eventsource (= 1.0.3)
      semantic (~> 1.6)
    ld-eventsource (1.0.3)
      concurrent-ruby (~> 1.0)
      http_tools (~> 0.4.5)
      socketry (~> 0.5.1)
    listen (3.2.1)
      rb-fsevent (~> 0.10, >= 0.10.3)
      rb-inotify (~> 0.9, >= 0.9.10)
    rake (13.0.1)
    rb-fsevent (0.10.3)
    rb-inotify (0.10.1)
      ffi (~> 1.0)
    rspec (3.9.0)
      rspec-core (~> 3.9.0)
      rspec-expectations (~> 3.9.0)
      rspec-mocks (~> 3.9.0)
    rspec-core (3.9.1)
      rspec-support (~> 3.9.1)
    rspec-expectations (3.9.1)
      diff-lcs (>= 1.2.0, < 2.0)
      rspec-support (~> 3.9.0)
    rspec-mocks (3.9.1)
      diff-lcs (>= 1.2.0, < 2.0)
      rspec-support (~> 3.9.0)
    rspec-support (3.9.2)
    semantic (1.6.1)
    socketry (0.5.1)
      hitimes (~> 1.2)

PLATFORMS
  ruby

DEPENDENCIES
  feature_flagging!
  listen (= 3.2.1)
  rake (= 13.0.1)
  rspec (= 3.9.0)

BUNDLED WITH
   2.1.4
